GEM
  remote: https://rubygems.org/
  specs:
    activesupport (6.0.3.2)
      concurrent-ruby (~> 1.0, >= 1.0.2)
      i18n (>= 0.7, < 2)
      minitest (~> 5.1)
      tzinfo (~> 1.1)
      zeitwerk (~> 2.2, >= 2.2.2)
    anyway_config (2.0.5)
      ruby-next-core (>= 0.8.0)
    byebug (11.1.3)
    coderay (1.1.3)
    concurrent-ruby (1.1.6)
    diff-lcs (1.4.3)
    dry-initializer (3.0.3)
    fast_jsonapi (1.5)
      activesupport (>= 4.2)
    i18n (1.8.3)
      concurrent-ruby (~> 1.0)
    method_source (1.0.0)
    minitest (5.14.1)
    nio4r (2.5.2)
    pg (1.2.3)
    pry (0.13.1)
      coderay (~> 1.1)
      method_source (~> 1.0)
    pry-byebug (3.9.0)
      byebug (~> 11.0)
      pry (~> 0.13.0)
    puma (4.3.5)
      nio4r (~> 2.0)
    rack (2.2.3)
    rack-unreloader (1.7.0)
    rake (13.0.1)
    roda (3.33.0)
      rack
    rspec (3.9.0)
      rspec-core (~> 3.9.0)
      rspec-expectations (~> 3.9.0)
      rspec-mocks (~> 3.9.0)
    rspec-core (3.9.2)
      rspec-support (~> 3.9.3)
    rspec-expectations (3.9.2)
      diff-lcs (>= 1.2.0, < 2.0)
      rspec-support (~> 3.9.0)
    rspec-mocks (3.9.1)
      diff-lcs (>= 1.2.0, < 2.0)
      rspec-support (~> 3.9.0)
    rspec-support (3.9.3)
    ruby-next-core (0.9.2)
    sequel (5.33.0)
    thread_safe (0.3.6)
    tzinfo (1.2.7)
      thread_safe (~> 0.1)
    zeitwerk (2.3.1)

PLATFORMS
  ruby

DEPENDENCIES
  anyway_config (~> 2.0.0)
  dry-initializer (~> 3.0.3)
  fast_jsonapi (~> 1.5)
  pg (~> 1.2.0)
  pry (~> 0.13.0)
  pry-byebug (~> 3.9.0)
  puma (~> 4.3.0)
  rack-unreloader (~> 1.7.0)
  rake (~> 13.0.0)
  roda (~> 3.33.0)
  rspec (~> 3.9.0)
  sequel (~> 5.33.0)

RUBY VERSION
   ruby 2.6.6p146

BUNDLED WITH
   1.17.3
